GEM
  remote: https://rubygems.org/
  specs:
    coderay (1.1.3)
    debug (1.0.0)
      irb
      reline (>= 0.2.7)
    io-console (0.5.9)
    irb (1.3.7)
      reline (>= 0.2.7)
    method_source (1.0.0)
    pry (0.14.1)
      coderay (~> 1.1)
      method_source (~> 1.0)
    reline (0.2.7)
      io-console (~> 0.5)

PLATFORMS
  ruby

DEPENDENCIES
  debug
  pry

BUNDLED WITH
   2.2.27
